GIT
  remote: https://github.com/meew0/discordrb.git
  revision: 329045797fb2eb76275d47403eb08016458910e6
  specs:
    discordrb (3.3.0)
      discordrb-webhooks (~> 3.3.0)
      ffi (>= 1.9.24)
      opus-ruby
      rbnacl (~> 6.0)
      rest-client (>= 2.1.0.rc1)
      websocket-client-simple (>= 0.3.0)
    discordrb-webhooks (3.3.0)
      rest-client (>= 2.1.0.rc1)

GEM
  remote: https://rubygems.org/
  specs:
    activesupport (5.2.3)
      concurrent-ruby (~> 1.0, >= 1.0.2)
      i18n (>= 0.7, < 2)
      minitest (~> 5.1)
      tzinfo (~> 1.1)
    bigdecimal (1.4.4)
    chronic (0.10.2)
    climate_control (0.2.0)
    cocaine (0.6.0)
      terrapin (= 0.6.0)
    concurrent-ruby (1.1.5)
    crass (1.0.4)
    domain_name (0.5.20190701)
      unf (>= 0.0.5, < 1.0.0)
    event_emitter (0.2.6)
    feedjira (3.0.0)
      loofah (>= 2.2.1)
      sax-machine (>= 1.0)
    ffi (1.11.1)
    ffi (1.11.1-x64-mingw32)
    ffi (1.11.1-x86-mingw32)
    http-accept (1.7.0)
    http-cookie (1.0.3)
      domain_name (~> 0.5)
    i18n (1.6.0)
      concurrent-ruby (~> 1.0)
    json (2.2.0)
    loofah (2.2.3)
      crass (~> 1.0.2)
      nokogiri (>= 1.5.9)
    mime-types (3.2.2)
      mime-types-data (~> 3.2015)
    mime-types-data (3.2019.0331)
    mini_magick (4.9.4)
    mini_portile2 (2.4.0)
    minitest (5.11.3)
    net (0.3.3)
      activesupport
    netrc (0.11.0)
    nokogiri (1.10.3)
      mini_portile2 (~> 2.4.0)
    nokogiri (1.10.3-x64-mingw32)
      mini_portile2 (~> 2.4.0)
    nokogiri (1.10.3-x86-mingw32)
      mini_portile2 (~> 2.4.0)
    opus-ruby (1.0.1)
      ffi
    pickup (0.0.11)
    rbnacl (6.0.1)
      ffi
    rest-client (2.1.0.rc1)
      http-accept (>= 1.7.0, < 2.0)
      http-cookie (>= 1.0.2, < 2.0)
      mime-types (>= 1.16, < 4.0)
      netrc (~> 0.8)
    rest-client (2.1.0.rc1-x64-mingw32)
      ffi (~> 1.9)
      http-accept (>= 1.7.0, < 2.0)
      http-cookie (>= 1.0.2, < 2.0)
      mime-types (>= 1.16, < 4.0)
      netrc (~> 0.8)
    rest-client (2.1.0.rc1-x86-mingw32)
      ffi (~> 1.9)
      http-accept (>= 1.7.0, < 2.0)
      http-cookie (>= 1.0.2, < 2.0)
      mime-types (>= 1.16, < 4.0)
      netrc (~> 0.8)
    roo (2.8.2)
      nokogiri (~> 1)
      rubyzip (>= 1.2.1, < 2.0.0)
    roo-xls (1.2.0)
      nokogiri
      roo (>= 2.0.0, < 3)
      spreadsheet (> 0.9.0)
    ruby-ole (1.2.12.2)
    rubyzip (1.3.0)
    sax-machine (1.3.2)
    spreadsheet (1.2.4)
      ruby-ole (>= 1.0)
    terrapin (0.6.0)
      climate_control (>= 0.0.3, < 1.0)
    thread_safe (0.3.6)
    to_regexp (0.2.1)
    tzinfo (1.2.5)
      thread_safe (~> 0.1)
    unf (0.1.4)
      unf_ext
    unf_ext (0.0.7.6)
    websocket (1.2.8)
    websocket-client-simple (0.3.0)
      event_emitter
      websocket
    youtube-dl.rb (0.3.1.2016.09.11.1)
      cocaine (>= 0.5.4)

PLATFORMS
  ruby
  x64-mingw32
  x86-mingw32

DEPENDENCIES
  activesupport
  bigdecimal
  chronic
  discordrb!
  discordrb-webhooks!
  feedjira
  json
  mini_magick
  net
  nokogiri
  pickup
  roo
  roo-xls
  terrapin
  to_regexp
  youtube-dl.rb

BUNDLED WITH
   1.16.2
