GIT
  remote: https://github.com/mojombo/chronic.git
  revision: 416d50434204c9929a321af508d4289e11a6cf69
  branch: master
  specs:
    chronic (0.10.2)
      numerizer (~> 0.2)

GIT
  remote: https://github.com/shardlab/discordrb.git
  revision: faace0fa54babd44643794a4899d6c9e07464ffa
  branch: main
  specs:
    discordrb (3.4.2)
      discordrb-webhooks (~> 3.4.2)
      ffi (>= 1.9.24)
      opus-ruby
      rest-client (>= 2.0.0)
      websocket-client-simple (>= 0.3.0)
    discordrb-webhooks (3.4.2)
      rest-client (>= 2.0.0)

GEM
  remote: https://rubygems.org/
  specs:
    actionview (7.0.4.3)
      activesupport (= 7.0.4.3)
      builder (~> 3.1)
      erubi (~> 1.4)
      rails-dom-testing (~> 2.0)
      rails-html-sanitizer (~> 1.1, >= 1.2.0)
    activesupport (7.0.4.3)
      concurrent-ruby (~> 1.0, >= 1.0.2)
      i18n (>= 1.6, < 2)
      minitest (>= 5.1)
      tzinfo (~> 2.0)
    addressable (2.8.4)
      public_suffix (>= 2.0.2, < 6.0)
    ast (2.4.2)
    bigdecimal (3.1.4)
    builder (3.2.4)
    concurrent-ruby (1.2.2)
    configatron (4.5.1)
    crass (1.0.6)
    dhash-vips (0.2.3.0)
      ruby-vips (~> 2.0, != 2.1.1, != 2.1.0)
    diff-lcs (1.5.0)
    domain_name (0.5.20190701)
      unf (>= 0.0.5, < 1.0.0)
    dotenv (2.8.1)
    erubi (1.12.0)
    event_emitter (0.2.6)
    feedjira (3.2.2)
      loofah (>= 2.3.1)
      sax-machine (>= 1.0)
    ffi (1.15.5)
    ffi-compiler (1.0.1)
      ffi (>= 1.0.0)
      rake
    http (5.1.1)
      addressable (~> 2.8)
      http-cookie (~> 1.0)
      http-form_data (~> 2.2)
      llhttp-ffi (~> 0.4.0)
    http-accept (1.7.0)
    http-cookie (1.0.5)
      domain_name (~> 0.5)
    http-form_data (2.3.0)
    http-parser (1.2.3)
      ffi-compiler (>= 1.0, < 2.0)
    i18n (1.13.0)
      concurrent-ruby (~> 1.0)
    json (2.6.3)
    llhttp-ffi (0.4.0)
      ffi-compiler (~> 1.0)
      rake (~> 13.0)
    loofah (2.20.0)
      crass (~> 1.0.2)
      nokogiri (>= 1.5.9)
    memory_profiler (1.0.1)
    mime-types (3.4.1)
      mime-types-data (~> 3.2015)
    mime-types-data (3.2023.0218.1)
    minitest (5.18.0)
    mysql2 (0.5.5)
    nekos (1.0.1)
      rest-client
    netrc (0.11.0)
    nokogiri (1.14.3-x86_64-linux)
      racc (~> 1.4)
    numerizer (0.2.0)
    optimist (3.0.1)
    opus-ruby (1.0.1)
      ffi
    parallel (1.23.0)
    parser (3.2.2.1)
      ast (~> 2.4.1)
    pickup (0.0.11)
    public_suffix (5.0.1)
    racc (1.6.2)
    rails-dom-testing (2.0.3)
      activesupport (>= 4.2.0)
      nokogiri (>= 1.6)
    rails-html-sanitizer (1.5.0)
      loofah (~> 2.19, >= 2.19.1)
    rainbow (3.1.1)
    rake (13.0.6)
    redcarpet (3.6.0)
    regexp_parser (2.8.0)
    rest-client (2.1.0)
      http-accept (>= 1.7.0, < 2.0)
      http-cookie (>= 1.0.2, < 2.0)
      mime-types (>= 1.16, < 4.0)
      netrc (~> 0.8)
    rexml (3.2.5)
    roo (2.10.0)
      nokogiri (~> 1)
      rubyzip (>= 1.3.0, < 3.0.0)
    roo-xls (1.2.0)
      nokogiri
      roo (>= 2.0.0, < 3)
      spreadsheet (> 0.9.0)
    rspec (3.10.0)
      rspec-core (~> 3.10.0)
      rspec-expectations (~> 3.10.0)
      rspec-mocks (~> 3.10.0)
    rspec-core (3.10.2)
      rspec-support (~> 3.10.0)
    rspec-expectations (3.10.2)
      diff-lcs (>= 1.2.0, < 2.0)
      rspec-support (~> 3.10.0)
    rspec-mocks (3.10.3)
      diff-lcs (>= 1.2.0, < 2.0)
      rspec-support (~> 3.10.0)
    rspec-support (3.10.3)
    rubocop (1.21.0)
      parallel (~> 1.10)
      parser (>= 3.0.0.0)
      rainbow (>= 2.2.2, < 4.0)
      regexp_parser (>= 1.8, < 3.0)
      rexml
      rubocop-ast (>= 1.9.1, < 2.0)
      ruby-progressbar (~> 1.7)
      unicode-display_width (>= 1.4.0, < 3.0)
    rubocop-ast (1.28.1)
      parser (>= 3.2.1.0)
    rubocop-performance (1.11.5)
      rubocop (>= 1.7.0, < 2.0)
      rubocop-ast (>= 0.4.0)
    rubocop-rspec (2.5.0)
      rubocop (~> 1.19)
    rubocop-sequel (0.3.4)
      rubocop (~> 1.0)
    ruby-ole (1.2.12.2)
    ruby-progressbar (1.13.0)
    ruby-vips (2.1.4)
      ffi (~> 1.12)
    rubyzip (2.3.2)
    sax-machine (1.3.2)
    sequel (5.68.0)
    spreadsheet (1.3.0)
      ruby-ole
    sqlite3 (1.6.2-x86_64-linux)
    to_regexp (0.2.1)
    tzinfo (2.0.6)
      concurrent-ruby (~> 1.0)
    tzinfo-data (1.2023.3)
      tzinfo (>= 1.0.0)
    unf (0.1.4)
      unf_ext
    unf_ext (0.0.8.2)
    unicode-display_width (2.4.2)
    websocket (1.2.9)
    websocket-client-simple (0.6.1)
      event_emitter
      websocket
    yard (0.9.34)

PLATFORMS
  x86_64-linux

DEPENDENCIES
  actionview (~> 7.0.4.3)
  activesupport (~> 7.0.4.3)
  bigdecimal (~> 3.1.4)
  chronic!
  configatron (~> 4.5.1)
  dhash-vips
  discordrb!
  dotenv (~> 2.8.1)
  feedjira (~> 3.2.2)
  http (~> 5.1.1)
  http-parser (~> 1.2.3)
  i18n (~> 1.13.0)
  json (~> 2.6.3)
  memory_profiler (~> 1.0.0)
  mysql2 (~> 0.5.5)
  nekos (~> 1.0.1)
  optimist (~> 3.0.1)
  pickup (~> 0.0.11)
  public_suffix (~> 5.0.1)
  rainbow (~> 3.1.1)
  redcarpet (~> 3.6.0)
  roo (~> 2.10.0)
  roo-xls (~> 1.2.0)
  rspec (~> 3.10.0)
  rubocop (~> 1.21.0)
  rubocop-performance (~> 1.11.5)
  rubocop-rspec (~> 2.5.0)
  rubocop-sequel (~> 0.3.3)
  sequel (~> 5.68.0)
  sqlite3 (~> 1.6.2)
  to_regexp (~> 0.2.1)
  tzinfo-data
  yard (~> 0.9.26)

BUNDLED WITH
   2.4.10
